PATH
  remote: .
  specs:
    yauth (0.2.0)
      bcrypt-ruby (>= 2.1.4)
      thor (~> 0.17.0)
      warden (~> 1.0)

GEM
  remote: https://rubygems.org/
  specs:
    bcrypt-ruby (3.0.1)
    diff-lcs (1.2.1)
    rack (1.5.2)
    rspec (2.13.0)
      rspec-core (~> 2.13.0)
      rspec-expectations (~> 2.13.0)
      rspec-mocks (~> 2.13.0)
    rspec-core (2.13.0)
    rspec-expectations (2.13.0)
      diff-lcs (>= 1.1.3, < 2.0)
    rspec-mocks (2.13.0)
    thor (0.17.0)
    warden (1.2.1)
      rack (>= 1.0)

PLATFORMS
  ruby

DEPENDENCIES
  rspec
  yauth!
